GEM
  remote: https://rubygems.org/
  specs:
    coderay (1.1.0)
    faraday (0.8.8)
      multipart-post (~> 1.2.0)
    hashie (2.0.5)
    method_source (0.8.2)
    multipart-post (1.2.0)
    pry (0.9.12.4)
      coderay (~> 1.0)
      method_source (~> 0.8)
      slop (~> 3.4)
    resumator-client (0.1.3)
      faraday (>= 0.8.4)
      hashie
    slop (3.4.7)

PLATFORMS
  ruby

DEPENDENCIES
  pry
  resumator-client
